GEM
  remote: https://rubygems.org/
  specs:
    colorize (0.6.0)
    guess_html_encoding (0.0.9)
    mini_portile (0.5.1)
    nokogiri (1.6.0)
      mini_portile (~> 0.5.0)
    open_uri_redirections (0.1.1)
    ruby-readability (0.5.7)
      guess_html_encoding (>= 0.0.4)
      nokogiri (>= 1.4.2)

PLATFORMS
  ruby

DEPENDENCIES
  colorize
  nokogiri
  open_uri_redirections
  ruby-readability
